GEM
  remote: http://rubygems.org/
  specs:
    activesupport (3.0.3)
    exifr (1.0.3)
    gemcutter (0.6.1)
    hoe (2.8.0)
      rake (>= 0.8.7)
    i18n (0.5.0)
    json_pure (1.4.6)
    mail (2.2.13)
      activesupport (>= 2.3.6)
      i18n (>= 0.4.0)
      mime-types (~> 1.16)
      treetop (~> 1.4.8)
    mime-types (1.16)
    mocha (0.9.10)
      rake
    nokogiri (1.4.4)
    polyglot (0.3.1)
    rake (0.8.7)
    rubyforge (2.0.4)
      json_pure (>= 1.1.7)
    test-unit (1.2.3)
      hoe (>= 1.5.1)
    treetop (1.4.9)
      polyglot (>= 0.3.1)
    uuidtools (2.1.1)

PLATFORMS
  ruby

DEPENDENCIES
  exifr (>= 1.0.3)
  gemcutter (>= 0.4.1)
  hoe (>= 2.5.0)
  mail (>= 2.2.10)
  mocha
  nokogiri (>= 1.4.4)
  rubyforge (>= 2.0.4)
  test-unit (= 1.2.3)
  uuidtools (>= 2.1.1)
